GEM
  remote: https://rubygems.org/
  specs:
    declarative (0.0.8)
      uber (>= 0.0.15)
    faraday (0.9.2)
      multipart-post (>= 1.2, < 3)
    json (2.0.2)
    multi_json (1.11.2)
    multipart-post (2.0.0)
    representable (3.0.0)
      declarative (~> 0.0.5)
      uber (~> 0.0.15)
    uber (0.0.15)

PLATFORMS
  ruby

DEPENDENCIES
  faraday
  json
  multi_json
  representable

BUNDLED WITH
   1.10.6
